PATH
  remote: .
  specs:
    stqueue (0.0.9)

GEM
  remote: https://rubygems.org/
  specs:

PLATFORMS
  ruby

DEPENDENCIES
  stqueue!

BUNDLED WITH
   1.16.4
